GEM
  remote: http://rubygems.org/
  specs:
    addressable (2.3.8)
    diff-lcs (1.3)
    keen (0.9.7)
      addressable (~> 2.3.5)
      multi_json (~> 1.3)
    multi_json (1.12.1)
    rake (12.0.0)
    rspec (3.5.0)
      rspec-core (~> 3.5.0)
      rspec-expectations (~> 3.5.0)
      rspec-mocks (~> 3.5.0)
    rspec-core (3.5.4)
      rspec-support (~> 3.5.0)
    rspec-expectations (3.5.0)
      diff-lcs (>= 1.2.0, < 2.0)
      rspec-support (~> 3.5.0)
    rspec-mocks (3.5.0)
      diff-lcs (>= 1.2.0, < 2.0)
      rspec-support (~> 3.5.0)
    rspec-support (3.5.0)

PLATFORMS
  ruby

DEPENDENCIES
  keen
  rake
  rspec

RUBY VERSION
   ruby 2.3.3p222

BUNDLED WITH
   1.14.6
