GEM
  remote: http://rubygems.org/
  specs:
    addressable (2.3.8)
    diff-lcs (1.3)
    foreman (0.78.0)
      thor (~> 0.19.1)
    haml (4.0.7)
      tilt
    intercom (3.5.12)
      json (>= 1.8)
    json (2.0.3)
    keen (0.9.7)
      addressable (~> 2.3.5)
      multi_json (~> 1.3)
    multi_json (1.12.1)
    rack (1.5.5)
    rack-protection (1.5.3)
      rack
    rake (12.0.0)
    rspec (3.5.0)
      rspec-core (~> 3.5.0)
      rspec-expectations (~> 3.5.0)
      rspec-mocks (~> 3.5.0)
    rspec-core (3.5.4)
      rspec-support (~> 3.5.0)
    rspec-expectations (3.5.0)
      diff-lcs (>= 1.2.0, < 2.0)
      rspec-support (~> 3.5.0)
    rspec-mocks (3.5.0)
      diff-lcs (>= 1.2.0, < 2.0)
      rspec-support (~> 3.5.0)
    rspec-support (3.5.0)
    shotgun (0.9.2)
      rack (>= 1.0)
    sinatra (1.4.7)
      rack (~> 1.5)
      rack-protection (~> 1.4)
      tilt (>= 1.3, < 3)
    thor (0.19.1)
    tilt (1.4.1)

PLATFORMS
  ruby

DEPENDENCIES
  foreman
  haml
  intercom (~> 3.5.10)
  keen
  rake
  rspec
  rspec-mocks
  shotgun
  sinatra

RUBY VERSION
   ruby 2.3.3p222

BUNDLED WITH
   1.14.6
